GEM
  remote: https://rubygems.org/
  specs:
    activesupport (5.0.1)
      concurrent-ruby (~> 1.0, >= 1.0.2)
      i18n (~> 0.7)
      minitest (~> 5.1)
      tzinfo (~> 1.1)
    business_time (0.7.6)
      activesupport (>= 3.1.0)
      tzinfo
    coderay (1.1.1)
    concurrent-ruby (1.0.4)
    i18n (0.7.0)
    logger (1.2.8)
    method_source (0.8.2)
    minitest (5.10.1)
    pry (0.10.4)
      coderay (~> 1.1.0)
      method_source (~> 0.8.1)
      slop (~> 3.4)
    settingslogic (2.0.9)
    slack-notifier (2.0.0)
    slop (3.6.0)
    thread_safe (0.3.5)
    tzinfo (1.2.2)
      thread_safe (~> 0.1)

PLATFORMS
  ruby

DEPENDENCIES
  business_time
  logger
  pry
  settingslogic
  slack-notifier

BUNDLED WITH
   1.13.7
