GEM
  remote: https://rubygems.org/
  specs:
    coderay (1.1.1)
    logger (1.2.8)
    method_source (0.8.2)
    pry (0.10.4)
      coderay (~> 1.1.0)
      method_source (~> 0.8.1)
      slop (~> 3.4)
    settingslogic (2.0.9)
    slack-notifier (2.0.0)
    slop (3.6.0)

PLATFORMS
  ruby

DEPENDENCIES
  logger
  pry
  settingslogic
  slack-notifier

BUNDLED WITH
   1.13.7
